GEM
  remote: https://rubygems.org/
  specs:
    addressable (2.3.3)
    coderay (1.0.9)
    columnize (0.3.6)
    crack (0.3.2)
    debugger (1.5.0)
      columnize (>= 0.3.1)
      debugger-linecache (~> 1.2.0)
      debugger-ruby_core_source (~> 1.2.0)
    debugger-linecache (1.2.0)
    debugger-ruby_core_source (1.2.0)
    diff-lcs (1.2.1)
    faraday (0.8.7)
      multipart-post (~> 1.1)
    json (1.7.7)
    method_source (0.8.1)
    multipart-post (1.2.0)
    pry (0.9.12)
      coderay (~> 1.0.5)
      method_source (~> 0.8)
      slop (~> 3.4)
    pry-debugger (0.2.2)
      debugger (~> 1.3)
      pry (~> 0.9.10)
    rspec (2.13.0)
      rspec-core (~> 2.13.0)
      rspec-expectations (~> 2.13.0)
      rspec-mocks (~> 2.13.0)
    rspec-core (2.13.1)
    rspec-expectations (2.13.0)
      diff-lcs (>= 1.1.3, < 2.0)
    rspec-mocks (2.13.0)
    slop (3.4.4)
    webmock (1.11.0)
      addressable (>= 2.2.7)
      crack (>= 0.3.2)

PLATFORMS
  ruby

DEPENDENCIES
  faraday
  json
  pry
  pry-debugger
  rspec
  webmock
